PATH
  remote: .
  specs:
    ttml (0.1.0)

GEM
  remote: https://rubygems.org/
  specs:
    minitest (5.11.3)
    rake (12.3.1)

PLATFORMS
  x86-mingw32

DEPENDENCIES
  bundler (> 1.16)
  minitest (> 5.0)
  rake (> 10.0)
  ttml!

BUNDLED WITH
   1.16.3
